GIT
  remote: https://github.com/yoinkgems/rubygems-yoink.git
  revision: d88bc592b6bb23fe1ce23a8c864593d8a9902012
  specs:
    rubygems-yoink (0.0.0)
      connection_pool
      fog
      redis
      rubygems-mirror

GEM
  remote: https://rubygems.org/
  specs:
    ansi (1.4.3)
    blankslate (2.1.2.4)
    builder (3.2.0)
    connection_pool (2.0.0)
    excon (0.33.0)
    fog (1.22.0)
      fog-brightbox
      fog-core (~> 1.21, >= 1.21.1)
      fog-json
      nokogiri (~> 1.5, >= 1.5.11)
    fog-brightbox (0.0.2)
      fog-core
      fog-json
    fog-core (1.22.0)
      builder
      excon (~> 0.33)
      formatador (~> 0.2)
      mime-types
      net-scp (~> 1.1)
      net-ssh (>= 2.1.3)
    fog-json (1.0.0)
      multi_json (~> 1.0)
    formatador (0.2.4)
    hashie (2.0.2)
    linecache (0.46)
      rbx-require-relative (> 0.0.4)
    linecache (0.46-java)
    mime-types (2.2)
    mini_portile (0.5.3)
    minitest (4.6.2)
    minitest-reporters (0.14.7)
      ansi
      builder
      minitest (>= 2.12, < 5.0)
      powerbar
    multi_json (1.9.3)
    net-http-persistent (2.9.4)
    net-scp (1.2.0)
      net-ssh (>= 2.6.5)
    net-ssh (2.8.0)
    nokogiri (1.6.1)
      mini_portile (~> 0.5.0)
    nokogiri (1.6.1-java)
      mini_portile (~> 0.5.0)
    powerbar (1.0.11)
      ansi (~> 1.4.0)
      hashie (>= 1.1.0)
    rack (1.5.2)
    rack-protection (1.4.0)
      rack
    rack-test (0.6.2)
      rack (>= 1.0)
    rake (10.0.3)
    rbx-require-relative (0.0.9)
    redis (3.0.7)
    ruby-debug-base (0.10.5.rc3)
      linecache (~> 0.46)
    ruby-debug-base (0.10.5.rc3-java)
      linecache (~> 0.46)
    ruby-debug-ide (0.4.17.beta16)
      rake (>= 0.8.1)
    rubygems-mirror (1.0.1)
      net-http-persistent (>= 2.1)
    sinatra (1.3.5)
      rack (~> 1.4)
      rack-protection (~> 1.3)
      tilt (~> 1.3, >= 1.3.3)
    thor (0.17.0)
    tilt (1.3.4)
    torquebox-configure (2.2.0-java)
      blankslate (= 2.1.2.4)
    torquebox-core (2.2.0-java)
    torquebox-lite (0.2.1)
      thor (>= 0.14.6)
      torquebox-configure (= 2.2.0)
      torquebox-core (= 2.2.0)
      torquebox-rake-support (= 2.2.0)
      torquebox-web (= 2.2.0)
    torquebox-rake-support (2.2.0)
      rake (>= 0.8.7)
    torquebox-web (2.2.0-java)

PLATFORMS
  java
  ruby

DEPENDENCIES
  minitest-reporters
  rack-test
  rake
  ruby-debug-base (>= 0.10.5.rc3)
  ruby-debug-ide (>= 0.4.17.beta16)
  rubygems-yoink!
  sinatra
  torquebox-lite
